GEM
  remote: https://rubygems.org/
  specs:
    activesupport (5.2.0)
      concurrent-ruby (~> 1.0, >= 1.0.2)
      i18n (>= 0.7, < 2)
      minitest (~> 5.1)
      tzinfo (~> 1.1)
    coderay (1.1.2)
    concurrent-ruby (1.0.5)
    daemons (1.2.6)
    delayed_job (4.1.5)
      activesupport (>= 3.0, < 5.3)
    i18n (1.0.1)
      concurrent-ruby (~> 1.0)
    method_source (0.9.0)
    minitest (5.11.3)
    pg (1.0.0)
    pry (0.11.3)
      coderay (~> 1.1.0)
      method_source (~> 0.9.0)
    sequel (5.10.0)
    talentbox-delayed_job_sequel (4.3.0)
      delayed_job (~> 4.1.0)
      sequel (>= 3.38, < 6.0)
      tzinfo
    thread_safe (0.3.6)
    tzinfo (1.2.5)
      thread_safe (~> 0.1)

PLATFORMS
  ruby

DEPENDENCIES
  daemons
  pg
  pry
  talentbox-delayed_job_sequel

BUNDLED WITH
   1.16.1
